PATH
  remote: ../../inclusive
  specs:
    inclusive (0.1.0)

PATH
  remote: ../bridgetown-builder
  specs:
    bridgetown-builder (1.3.4)
      bridgetown-core (= 1.3.4)

PATH
  remote: ../bridgetown-core
  specs:
    bridgetown-core (1.3.4)
      activesupport (>= 6.0, < 8.0)
      addressable (~> 2.4)
      amazing_print (~> 1.2)
      bridgetown-foundation (= 1.3.4)
      csv (~> 3.2)
      dry-inflector (>= 1.0)
      erubi (~> 1.9)
      faraday (~> 2.0)
      faraday-follow_redirects (~> 0.3)
      i18n (~> 1.0)
      kramdown (~> 2.1)
      kramdown-parser-gfm (~> 1.0)
      liquid (>= 5.0, < 5.5)
      listen (~> 3.0)
      rack (>= 3.0)
      rackup (~> 2.0)
      rake (>= 13.0)
      roda (~> 3.46)
      rouge (>= 3.0, < 5.0)
      serbea (~> 2.1)
      signalize (~> 1.3)
      streamlined (>= 0.5.2)
      thor (~> 1.1)
      tilt (~> 2.0)
      zeitwerk (~> 2.5)

PATH
  remote: ../bridgetown-foundation
  specs:
    bridgetown-foundation (1.3.4)
      hash_with_dot_access (~> 2.0)
      zeitwerk (~> 2.5)

PATH
  remote: ../bridgetown-paginate
  specs:
    bridgetown-paginate (1.3.4)
      bridgetown-core (= 1.3.4)

PATH
  remote: ../bridgetown
  specs:
    bridgetown (1.3.4)
      bridgetown-builder (= 1.3.4)
      bridgetown-core (= 1.3.4)
      bridgetown-paginate (= 1.3.4)

GEM
  remote: https://rubygems.org/
  specs:
    activesupport (7.1.3.2)
      base64
      bigdecimal
      concurrent-ruby (~> 1.0, >= 1.0.2)
      connection_pool (>= 2.2.5)
      drb
      i18n (>= 1.6, < 2)
      minitest (>= 5.1)
      mutex_m
      tzinfo (~> 2.0)
    addressable (2.8.6)
      public_suffix (>= 2.0.2, < 6.0)
    amazing_print (1.6.0)
    ast (2.4.2)
    base64 (0.2.0)
    bigdecimal (3.1.8)
    bridgetown-feed (3.1.2)
      bridgetown (>= 1.2.0.beta2, < 2.0)
    bridgetown-quick-search (2.0.0)
      bridgetown (>= 1.2.0.beta2, < 2.0)
    bridgetown-seo-tag (6.0.0)
      bridgetown (>= 1.2.0.beta5, < 2.0)
    bridgetown-svg-inliner (2.0.0)
      bridgetown (>= 1.2.0, < 2.0)
      nokogiri
    concurrent-ruby (1.2.3)
    connection_pool (2.4.1)
    csv (3.3.0)
    drb (2.2.1)
    dry-inflector (1.0.0)
    erubi (1.12.0)
    faraday (2.9.0)
      faraday-net_http (>= 2.0, < 3.2)
    faraday-follow_redirects (0.3.0)
      faraday (>= 1, < 3)
    faraday-net_http (3.1.0)
      net-http
    ffi (1.16.3)
    gems (1.2.0)
    hash_with_dot_access (2.1.1)
    i18n (1.14.5)
      concurrent-ruby (~> 1.0)
    kramdown (2.4.0)
      rexml
    kramdown-parser-gfm (1.1.0)
      kramdown (~> 2.0)
    liquid (5.4.0)
    listen (3.9.0)
      rb-fsevent (~> 0.10, >= 0.10.3)
      rb-inotify (~> 0.9, >= 0.9.10)
    minitest (5.22.3)
    mutex_m (0.2.0)
    net-http (0.4.1)
      uri
    nio4r (2.7.3)
    nokogiri (1.16.4-arm64-darwin)
      racc (~> 1.4)
    nokogiri (1.16.4-x86_64-linux)
      racc (~> 1.4)
    nokolexbor (0.5.4-arm64-darwin)
    nokolexbor (0.5.4-x86_64-linux)
    parser (3.3.1.0)
      ast (~> 2.4.1)
      racc
    public_suffix (5.0.5)
    puma (6.4.2)
      nio4r (~> 2.0)
    racc (1.7.3)
    rack (3.0.11)
    rackup (2.1.0)
      rack (>= 3)
      webrick (~> 1.8)
    rake (13.2.1)
    rb-fsevent (0.11.2)
    rb-inotify (0.10.1)
      ffi (~> 1.0)
    regexp_parser (2.1.1)
    rexml (3.2.6)
    roda (3.80.0)
      rack
    rouge (4.2.1)
    ruby2js (5.1.2)
      parser
      regexp_parser (~> 2.1.1)
    serbea (2.1.0)
      erubi (>= 1.10)
      tilt (~> 2.0)
    signalize (1.3.0)
      concurrent-ruby (~> 1.2)
    streamlined (0.5.2)
      serbea (>= 2.1)
      zeitwerk (~> 2.5)
    thor (1.3.1)
    tilt (2.3.0)
    tzinfo (2.0.6)
      concurrent-ruby (~> 1.0)
    uri (0.13.0)
    webrick (1.8.1)
    zeitwerk (2.6.13)

PLATFORMS
  arm64-darwin-22
  x86_64-linux

DEPENDENCIES
  bridgetown!
  bridgetown-builder!
  bridgetown-core!
  bridgetown-feed (~> 3)
  bridgetown-foundation!
  bridgetown-paginate!
  bridgetown-quick-search (~> 2.0)
  bridgetown-seo-tag (~> 6.0)
  bridgetown-svg-inliner (~> 2.0)
  gems (~> 1.2)
  inclusive!
  nokolexbor (~> 0.4)
  puma (< 7)
  ruby2js (~> 5.1)

BUNDLED WITH
   2.4.1
