PATH
  remote: ../bridgetown-builder
  specs:
    bridgetown-builder (2.0.1)
      bridgetown-core (= 2.0.1)

PATH
  remote: ../bridgetown-core
  specs:
    bridgetown-core (2.0.1)
      activesupport (>= 6.0, < 8.0)
      addressable (~> 2.4)
      amazing_print (~> 1.2)
      bridgetown-foundation (= 2.0.1)
      csv (~> 3.2)
      dry-inflector (>= 1.0)
      erubi (~> 1.9)
      faraday (~> 2.0)
      faraday-follow_redirects (~> 0.3)
      i18n (~> 1.0)
      irb (>= 1.14)
      kramdown (~> 2.1)
      kramdown-parser-gfm (~> 1.0)
      liquid (>= 5.0, < 5.5)
      listen (~> 3.0)
      rack (>= 3.0)
      rackup (~> 2.0)
      rake (>= 13.0)
      roda (~> 3.46)
      rouge (>= 3.0, < 5.0)
      serbea (~> 2.1)
      signalize (~> 1.3)
      streamlined (>= 0.6.0)
      thor (~> 1.1)
      tilt (~> 2.0)
      zeitwerk (~> 2.5)

PATH
  remote: ../bridgetown-foundation
  specs:
    bridgetown-foundation (2.0.1)
      hash_with_dot_access (~> 2.0)
      inclusive (~> 1.0)
      zeitwerk (~> 2.5)

PATH
  remote: ../bridgetown-paginate
  specs:
    bridgetown-paginate (2.0.1)
      bridgetown-core (= 2.0.1)

PATH
  remote: ../bridgetown
  specs:
    bridgetown (2.0.1)
      bridgetown-builder (= 2.0.1)
      bridgetown-core (= 2.0.1)
      bridgetown-foundation (= 2.0.1)
      bridgetown-paginate (= 2.0.1)

GEM
  remote: https://rubygems.org/
  specs:
    activesupport (7.2.2.2)
      base64
      benchmark (>= 0.3)
      bigdecimal
      concurrent-ruby (~> 1.0, >= 1.3.1)
      connection_pool (>= 2.2.5)
      drb
      i18n (>= 1.6, < 2)
      logger (>= 1.4.2)
      minitest (>= 5.1)
      securerandom (>= 0.3)
      tzinfo (~> 2.0, >= 2.0.5)
    addressable (2.8.7)
      public_suffix (>= 2.0.2, < 7.0)
    amazing_print (1.8.1)
    ast (2.4.2)
    base64 (0.3.0)
    benchmark (0.4.1)
    bigdecimal (3.2.3)
    bridgetown-feed (4.0.0)
      bridgetown (>= 1.2.0)
    bridgetown-quick-search (3.0.3)
      bridgetown (>= 1.2.0.beta2, < 3.0)
    bridgetown-seo-tag (7.0.0)
      bridgetown (>= 1.3)
    bridgetown-svg-inliner (2.1.1)
      bridgetown (>= 1.2.0, < 3.0)
      csv
      nokogiri
    cgi (0.5.0)
    concurrent-ruby (1.3.5)
    connection_pool (2.5.4)
    csv (3.3.5)
    date (3.4.1)
    drb (2.2.3)
    dry-inflector (1.2.0)
    erb (4.0.4)
      cgi (>= 0.3.3)
    erubi (1.13.1)
    faraday (2.13.4)
      faraday-net_http (>= 2.0, < 3.5)
      json
      logger
    faraday-follow_redirects (0.3.0)
      faraday (>= 1, < 3)
    faraday-net_http (3.4.1)
      net-http (>= 0.5.0)
    ffi (1.17.2-arm64-darwin)
    ffi (1.17.2-x86_64-linux-gnu)
    gems (1.3.0)
    hash_with_dot_access (2.2.0)
    i18n (1.14.7)
      concurrent-ruby (~> 1.0)
    inclusive (1.1.0)
    io-console (0.8.1)
    irb (1.15.2)
      pp (>= 0.6.0)
      rdoc (>= 4.0.0)
      reline (>= 0.4.2)
    json (2.13.2)
    kramdown (2.5.1)
      rexml (>= 3.3.9)
    kramdown-parser-gfm (1.1.0)
      kramdown (~> 2.0)
    liquid (5.4.0)
    listen (3.9.0)
      rb-fsevent (~> 0.10, >= 0.10.3)
      rb-inotify (~> 0.9, >= 0.9.10)
    logger (1.7.0)
    minitest (5.25.5)
    net-http (0.6.0)
      uri
    nio4r (2.7.4)
    nokogiri (1.18.10-arm64-darwin)
      racc (~> 1.4)
    nokogiri (1.18.10-x86_64-linux-gnu)
      racc (~> 1.4)
    nokolexbor (0.5.4-arm64-darwin)
    nokolexbor (0.5.4-x86_64-linux)
    parser (3.3.6.0)
      ast (~> 2.4.1)
      racc
    pp (0.6.2)
      prettyprint
    prettyprint (0.2.0)
    psych (5.2.6)
      date
      stringio
    public_suffix (6.0.2)
    puma (6.5.0)
      nio4r (~> 2.0)
    racc (1.8.1)
    rack (3.2.1)
    rackup (2.2.1)
      rack (>= 3)
    rake (13.3.0)
    rb-fsevent (0.11.2)
    rb-inotify (0.11.1)
      ffi (~> 1.0)
    rdoc (6.14.2)
      erb
      psych (>= 4.0.0)
    regexp_parser (2.1.1)
    reline (0.6.2)
      io-console (~> 0.5)
    rexml (3.4.4)
    roda (3.96.0)
      rack
    rouge (4.6.0)
    ruby2js (5.1.2)
      parser
      regexp_parser (~> 2.1.1)
    securerandom (0.4.1)
    serbea (2.3.0)
      erubi (>= 1.11)
      tilt (>= 2.1)
    signalize (1.3.1)
      concurrent-ruby (~> 1.2)
    streamlined (0.6.1)
      serbea (>= 2.1)
      zeitwerk (~> 2.5)
    stringio (3.1.7)
    thor (1.4.0)
    tilt (2.6.1)
    tzinfo (2.0.6)
      concurrent-ruby (~> 1.0)
    uri (1.0.3)
    zeitwerk (2.6.18)

PLATFORMS
  arm64-darwin-22
  x86_64-linux

DEPENDENCIES
  bridgetown!
  bridgetown-builder!
  bridgetown-core!
  bridgetown-feed (~> 4)
  bridgetown-foundation!
  bridgetown-paginate!
  bridgetown-quick-search (~> 3.0)
  bridgetown-seo-tag (~> 7.0)
  bridgetown-svg-inliner (~> 2.1)
  gems (~> 1.2)
  nokolexbor (~> 0.4)
  puma (< 7)
  ruby2js (~> 5.1)

BUNDLED WITH
   2.4.1
