PATH
  remote: ../bridgetown-builder
  specs:
    bridgetown-builder (1.3.4)
      bridgetown-core (= 1.3.4)

PATH
  remote: ../bridgetown-core
  specs:
    bridgetown-core (1.3.4)
      activemodel (>= 6.0, < 8.0)
      activesupport (>= 6.0, < 8.0)
      addressable (~> 2.4)
      amazing_print (~> 1.2)
      colorator (~> 1.0)
      csv (~> 3.2)
      erubi (~> 1.9)
      faraday (~> 2.0)
      faraday-follow_redirects (~> 0.3)
      hash_with_dot_access (~> 1.2)
      i18n (~> 1.0)
      kramdown (~> 2.1)
      kramdown-parser-gfm (~> 1.0)
      liquid (>= 5.0, < 5.5)
      listen (~> 3.0)
      rake (>= 13.0)
      roda (~> 3.46)
      rouge (>= 3.0, < 5.0)
      serbea (~> 1.0)
      thor (~> 1.1)
      tilt (~> 2.0)
      zeitwerk (~> 2.5)

PATH
  remote: ../bridgetown-paginate
  specs:
    bridgetown-paginate (1.3.4)
      bridgetown-core (= 1.3.4)

PATH
  remote: ../bridgetown
  specs:
    bridgetown (1.3.4)
      bridgetown-builder (= 1.3.4)
      bridgetown-core (= 1.3.4)
      bridgetown-paginate (= 1.3.4)

GEM
  remote: https://rubygems.org/
  specs:
    activemodel (7.0.7.2)
      activesupport (= 7.0.7.2)
    activesupport (7.0.7.2)
      concurrent-ruby (~> 1.0, >= 1.0.2)
      i18n (>= 1.6, < 2)
      minitest (>= 5.1)
      tzinfo (~> 2.0)
    addressable (2.8.5)
      public_suffix (>= 2.0.2, < 6.0)
    amazing_print (1.5.0)
    ast (2.4.2)
    bridgetown-feed (2.1.0)
      bridgetown (>= 1.0.0.alpha5, < 2.0)
    bridgetown-quick-search (1.1.3)
      bridgetown (>= 0.15.0.beta1, < 2.0)
    bridgetown-seo-tag (5.0.0)
      bridgetown (>= 0.20.0, < 2.0)
    bridgetown-svg-inliner (1.1.0)
      bridgetown (>= 1.0, < 2.0)
      nokogiri
    colorator (1.1.0)
    concurrent-ruby (1.2.2)
    csv (3.2.6)
    erubi (1.12.0)
    faraday (2.7.10)
      faraday-net_http (>= 2.0, < 3.1)
      ruby2_keywords (>= 0.0.4)
    faraday-follow_redirects (0.3.0)
      faraday (>= 1, < 3)
    faraday-net_http (3.0.2)
    ffi (1.15.5)
    gems (1.2.0)
    hash_with_dot_access (1.2.0)
      activesupport (>= 5.0.0, < 8.0)
    i18n (1.14.1)
      concurrent-ruby (~> 1.0)
    kramdown (2.4.0)
      rexml
    kramdown-parser-gfm (1.1.0)
      kramdown (~> 2.0)
    liquid (5.4.0)
    listen (3.8.0)
      rb-fsevent (~> 0.10, >= 0.10.3)
      rb-inotify (~> 0.9, >= 0.9.10)
    minitest (5.19.0)
    nio4r (2.7.0)
    nokogiri (1.15.4-arm64-darwin)
      racc (~> 1.4)
    nokogiri (1.15.4-x86_64-linux)
      racc (~> 1.4)
    nokolexbor (0.5.0-arm64-darwin)
    nokolexbor (0.5.0-x86_64-linux)
    parser (3.2.2.3)
      ast (~> 2.4.1)
      racc
    public_suffix (5.0.3)
    puma (6.4.2)
      nio4r (~> 2.0)
    racc (1.7.1)
    rack (3.0.9.1)
    rake (13.0.6)
    rb-fsevent (0.11.2)
    rb-inotify (0.10.1)
      ffi (~> 1.0)
    regexp_parser (2.1.1)
    rexml (3.2.6)
    roda (3.71.0)
      rack
    rouge (4.2.0)
    ruby2_keywords (0.0.5)
    ruby2js (5.1.0)
      parser
      regexp_parser (~> 2.1.1)
    serbea (1.0.1)
      activesupport (>= 6.0)
      erubi (>= 1.10)
      tilt (~> 2.0)
    thor (1.2.2)
    tilt (2.2.0)
    tzinfo (2.0.6)
      concurrent-ruby (~> 1.0)
    zeitwerk (2.6.11)

PLATFORMS
  arm64-darwin-22
  x86_64-linux

DEPENDENCIES
  bridgetown!
  bridgetown-builder!
  bridgetown-core!
  bridgetown-feed (~> 2.1)
  bridgetown-paginate!
  bridgetown-quick-search (~> 1.1)
  bridgetown-seo-tag (~> 5.0)
  bridgetown-svg-inliner (~> 1.0)
  gems (~> 1.2)
  nokolexbor (~> 0.4)
  puma (< 7)
  ruby2js (~> 5.1)

BUNDLED WITH
   2.4.1
